GEM
  remote: https://rubygems.org/
  specs:
    unicode (0.4.4.4)

PLATFORMS
  ruby

DEPENDENCIES
  unicode

BUNDLED WITH
   1.15.4
